GEM
  remote: https://rubygems.org/
  specs:
    rack (1.5.2)
    sinatra (1.2.6)
      rack (~> 1.1)
      tilt (>= 1.2.2, < 2.0)
      tilt (>= 1.2.2, < 2.0)
    tilt (1.3.6)

PLATFORMS
  ruby

DEPENDENCIES
  sinatra (= 1.2.6)
